PATH
  remote: .
  specs:
    site-inspector (0.0.1)
      gman
      net-dns
      nokogiri
      public_suffix
      sniffles
      typhoeus

GEM
  remote: https://rubygems.org/
  specs:
    activesupport (4.0.4)
      i18n (~> 0.6, >= 0.6.9)
      minitest (~> 4.2)
      multi_json (~> 1.3)
      thread_safe (~> 0.1)
      tzinfo (~> 0.3.37)
    addressable (2.3.6)
    atomic (1.1.16)
    coderay (1.1.0)
    ethon (0.7.0)
      ffi (>= 1.3.0)
    ffi (1.9.3)
    gman (2.0.0)
      addressable
      public_suffix
      swot
    i18n (0.6.9)
    method_source (0.8.2)
    mini_portile (0.5.3)
    minitest (4.7.5)
    multi_json (1.9.2)
    net-dns (0.8.0)
    nokogiri (1.6.1)
      mini_portile (~> 0.5.0)
    pry (0.9.12.6)
      coderay (~> 1.0)
      method_source (~> 0.8)
      slop (~> 3.4)
    public_suffix (1.4.2)
    rake (10.1.1)
    rdoc (4.0.0)
    shoulda (3.5.0)
      shoulda-context (~> 1.0, >= 1.0.1)
      shoulda-matchers (>= 1.4.1, < 3.0)
    shoulda-context (1.2.0)
    shoulda-matchers (2.5.0)
      activesupport (>= 3.0.0)
    slop (3.5.0)
    sniffles (0.2.0)
      nokogiri (~> 1.6.1)
    swot (0.3.0)
      public_suffix
    thread_safe (0.3.1)
      atomic (>= 1.1.7, < 2)
    typhoeus (0.6.8)
      ethon (>= 0.7.0)
    tzinfo (0.3.39)

PLATFORMS
  ruby

DEPENDENCIES
  bundler
  pry
  rake
  rdoc
  shoulda
  site-inspector!
