PATH
  remote: .
  specs:
    site-inspector (0.0.1)
      dnsruby
      gman
      nokogiri
      public_suffix

GEM
  remote: https://rubygems.org/
  specs:
    dnsruby (1.54)
    gman (0.0.2)
      public_suffix
    mini_portile (0.5.1)
    nokogiri (1.6.0)
      mini_portile (~> 0.5.0)
    public_suffix (1.3.1)

PLATFORMS
  ruby

DEPENDENCIES
  site-inspector!
